GEM
  remote: https://rubygems.org/
  specs:
    citrus (3.0.2)
    pdf-core (0.6.1)
    prawn (2.1.0)
      pdf-core (~> 0.6.1)
      ttfunk (~> 1.4.0)
    toml-rb (2.2.0)
      citrus (~> 3.0, > 3.0)
    ttfunk (1.4.0)

PLATFORMS
  x86_64-linux

DEPENDENCIES
  prawn (= 2.1.0)
  toml-rb (= 2.2.0)

BUNDLED WITH
   2.4.1
